GEM
  remote: https://rubygems.org/
  specs:
    activesupport (4.0.1)
      i18n (~> 0.6, >= 0.6.4)
      minitest (~> 4.2)
      multi_json (~> 1.3)
      thread_safe (~> 0.1)
      tzinfo (~> 0.3.37)
    atomic (1.1.14)
    clockwork (0.7.0)
      activesupport
      tzinfo (~> 0.3.35)
    i18n (0.6.5)
    minitest (4.7.5)
    multi_json (1.8.2)
    mustermann (1.1.1)
      ruby2_keywords (~> 0.0.1)
    rack (2.2.3)
    rack-protection (2.2.0)
      rack
    ruby2_keywords (0.0.5)
    sinatra (2.2.0)
      mustermann (~> 1.0)
      rack (~> 2.2)
      rack-protection (= 2.2.0)
      tilt (~> 2.0)
    thread_safe (0.1.3)
      atomic
    tilt (2.0.10)
    tzinfo (0.3.38)

PLATFORMS
  ruby

DEPENDENCIES
  clockwork
  sinatra
